RESTRICTION: >= net45
NUGET
  remote: https://api.nuget.org/v3/index.json
    FAKE (4.64.11)
    Microsoft.NETCore.App (2.0.6)
    Microsoft.NETCore.Platforms (2.0.1) - restriction: >= net461
    NETStandard.Library (2.0.1) - restriction: >= net461
      Microsoft.NETCore.Platforms (>= 1.1)
    NetStandard.Library.NetFramework (2.0.0-preview2-25405-01)
      Microsoft.NETCore.Platforms (>= 2.0.0-preview2-25405-01) - restriction: >= net461
      NETStandard.Library (>= 2.0.0-preview2-25401-01) - restriction: >= net461
    Nuget.CommandLine (4.6.2)
    Octokit (0.29)
GITHUB
  remote: fsharp/FAKE
    modules/Octokit/Octokit.fsx (2bd41546d8549654ad4d4b5639425537afe5e1f7)
      Octokit (>= 0.20)
  remote: fsprojects/FSharp.TypeProviders.StarterPack
    src/ProvidedTypes.fs (f0c4a6300db313eb2616c4f792cd6ae68c255e56)
    src/ProvidedTypes.fsi (f0c4a6300db313eb2616c4f792cd6ae68c255e56)
    src/ProvidedTypesTesting.fs (f0c4a6300db313eb2616c4f792cd6ae68c255e56)
GROUP fs31
RESTRICTION: || (== net461) (== netcoreapp2.0)
NUGET
  remote: https://api.nuget.org/v3/index.json
    FSharp.Core (3.1.2.5)

GROUP fs40
RESTRICTION: || (== net461) (== netcoreapp2.0)
NUGET
  remote: https://api.nuget.org/v3/index.json
    FSharp.Core (4.0.0.1)

GROUP fs41
RESTRICTION: || (== net461) (== netcoreapp2.0)
NUGET
  remote: https://api.nuget.org/v3/index.json
    FSharp.Core (4.3.4)

GROUP Test
REDIRECTS: ON
RESTRICTION: || (== net461) (== netcoreapp2.0)
NUGET
  remote: https://api.nuget.org/v3/index.json
    FsCheck (2.10.8)
      FSharp.Core (>= 4.0.0.1) - restriction: || (== net461) (&& (== netcoreapp2.0) (>= net452)) (&& (== netcoreapp2.0) (< netstandard1.6)) (&& (== netcoreapp2.0) (< portable-net45+win8+wp8))
      FSharp.Core (>= 4.2.3) - restriction: || (&& (== net461) (< net452) (>= netstandard1.6)) (== netcoreapp2.0)
      NETStandard.Library (>= 1.6.1) - restriction: || (&& (== net461) (< net452) (>= netstandard1.6)) (== netcoreapp2.0)
      System.ValueTuple (>= 4.4) - restriction: || (&& (== net461) (< net452) (>= netstandard1.6)) (== netcoreapp2.0)
    FSharp.Charting (0.91.1)
    FSharp.Compiler.Service (22.0.3)
      FSharp.Core (>= 4.1.18)
      Microsoft.DiaSymReader (>= 1.1)
      Microsoft.DiaSymReader.PortablePdb (>= 1.2)
      System.Collections.Immutable (>= 1.3.1)
      System.Diagnostics.Process (>= 4.1) - restriction: || (&& (== net461) (< net45) (>= netstandard2.0)) (== netcoreapp2.0)
      System.Diagnostics.TraceSource (>= 4.0) - restriction: || (&& (== net461) (< net45) (>= netstandard2.0)) (== netcoreapp2.0)
      System.Reflection.Emit (>= 4.3) - restriction: || (&& (== net461) (< net45) (>= netstandard2.0)) (== netcoreapp2.0)
      System.Reflection.Metadata (>= 1.4.2)
      System.Reflection.TypeExtensions (>= 4.3) - restriction: || (&& (== net461) (< net45) (>= netstandard2.0)) (== netcoreapp2.0)
      System.Runtime.Loader (>= 4.0) - restriction: || (&& (== net461) (< net45) (>= netstandard2.0)) (== netcoreapp2.0)
      System.Security.Cryptography.Algorithms (>= 4.3) - restriction: || (&& (== net461) (< net45) (>= netstandard2.0)) (== netcoreapp2.0)
      System.ValueTuple (>= 4.4) - restriction: || (== net461) (&& (== netcoreapp2.0) (>= net45))
    FSharp.Core (4.3.4)
    FsUnit (3.1)
      FSharp.Core (>= 4.2.3)
      NETStandard.Library (>= 2.0.1) - restriction: || (&& (== net461) (< net46) (>= netstandard2.0)) (== netcoreapp2.0)
      NUnit (>= 3.9 < 4.0)
    Microsoft.AspNet.Razor (3.2.4)
    Microsoft.DiaSymReader (1.2)
      Microsoft.Net.Compilers (>= 2.3)
      NETStandard.Library (>= 1.6.1) - restriction: || (&& (== net461) (< net20)) (== netcoreapp2.0)
    Microsoft.DiaSymReader.PortablePdb (1.4)
      Microsoft.DiaSymReader (>= 1.2)
      System.Collections (>= 4.3)
      System.Collections.Immutable (>= 1.3.1)
      System.Diagnostics.Debug (>= 4.3)
      System.Globalization (>= 4.3)
      System.IO (>= 4.3)
      System.Linq (>= 4.3)
      System.Reflection (>= 4.3)
      System.Reflection.Metadata (>= 1.4.2)
      System.Reflection.Primitives (>= 4.3)
      System.Runtime (>= 4.3)
      System.Runtime.Extensions (>= 4.3)
      System.Runtime.InteropServices (>= 4.3)
      System.Text.Encoding (>= 4.3)
      System.Threading (>= 4.3)
    Microsoft.Net.Compilers (2.7)
    Microsoft.NETCore.Platforms (2.0.1) - restriction: || (&& (== net461) (>= monoandroid) (>= netstandard2.0)) (&& (== net461) (>= monotouch) (>= netstandard2.0)) (&& (== net461) (< net45) (>= netstandard2.0)) (&& (== net461) (< net46) (>= netstandard2.0)) (&& (== net461) (>= netcoreapp2.0)) (&& (== net461) (< netstandard1.0) (>= netstandard2.0)) (&& (== net461) (< netstandard1.3) (>= netstandard2.0)) (&& (== net461) (>= netstandard2.0) (< portable-net45+win8+wpa81)) (&& (== net461) (>= netstandard2.0) (< portable-net451+win81+wpa81)) (&& (== net461) (>= netstandard2.0) (>= uap10.0)) (&& (== net461) (>= netstandard2.0) (>= uap10.1)) (&& (== net461) (>= netstandard2.0) (>= xamarinios)) (&& (== net461) (>= netstandard2.0) (>= xamarinmac)) (&& (== net461) (>= netstandard2.0) (>= xamarintvos)) (&& (== net461) (>= netstandard2.0) (>= xamarinwatchos)) (== netcoreapp2.0)
    Microsoft.NETCore.Targets (2.0) - restriction: || (&& (== net461) (>= dnxcore50)) (&& (== net461) (< net45)) (== netcoreapp2.0)
    Microsoft.Win32.Primitives (4.3) - restriction: || (&& (== net461) (< net45) (>= netstandard2.0)) (== netcoreapp2.0)
      Microsoft.NETCore.Platforms (>= 1.1) - restriction: || (&& (== net461) (< net46)) (== netcoreapp2.0)
      Microsoft.NETCore.Targets (>= 1.1) - restriction: || (&& (== net461) (< net46)) (== netcoreapp2.0)
      System.Runtime (>= 4.3) - restriction: || (&& (== net461) (< net46)) (== netcoreapp2.0)
    Microsoft.Win32.Registry (4.4) - restriction: || (&& (== net461) (< net45) (>= netstandard2.0)) (== netcoreapp2.0)
      Microsoft.NETCore.Platforms (>= 2.0) - restriction: || (&& (== net461) (>= netcoreapp2.0)) (== netcoreapp2.0)
      System.Security.AccessControl (>= 4.4)
      System.Security.Principal.Windows (>= 4.4)
    Nancy (1.4.4)
    Nancy.Hosting.Self (1.4.1)
      Nancy (>= 1.4.1)
    NETStandard.Library (2.0.1) - restriction: || (&& (== net461) (< net46) (>= netstandard2.0)) (== netcoreapp2.0)
      Microsoft.NETCore.Platforms (>= 1.1)
    NUnit (3.10.1)
      NETStandard.Library (>= 2.0) - restriction: || (&& (== net461) (< net20) (>= netstandard2.0)) (== netcoreapp2.0)
    NUnit.ConsoleRunner (3.8)
    NUnit.Extension.NUnitProjectLoader (3.6)
    NUnit.Extension.NUnitV2Driver (3.7)
    NUnit.Extension.NUnitV2ResultWriter (3.6)
    NUnit.Extension.TeamCityEventListener (1.0.3)
    NUnit.Extension.VSProjectLoader (3.7)
    NUnit.Runners (3.8)
      NUnit.ConsoleRunner (>= 3.8)
      NUnit.Extension.NUnitProjectLoader (>= 3.5)
      NUnit.Extension.NUnitV2Driver (>= 3.6)
      NUnit.Extension.NUnitV2ResultWriter (>= 3.5)
      NUnit.Extension.TeamCityEventListener (>= 1.0.3)
      NUnit.Extension.VSProjectLoader (>= 3.7)
    runtime.debian.8-x64.runtime.native.System.Security.Cryptography.OpenSsl (4.3.2) - restriction: || (&& (== net461) (< net45) (>= netstandard2.0)) (== netcoreapp2.0)
    runtime.fedora.23-x64.runtime.native.System.Security.Cryptography.OpenSsl (4.3.2) - restriction: || (&& (== net461) (< net45) (>= netstandard2.0)) (== netcoreapp2.0)
    runtime.fedora.24-x64.runtime.native.System.Security.Cryptography.OpenSsl (4.3.2) - restriction: || (&& (== net461) (< net45) (>= netstandard2.0)) (== netcoreapp2.0)
    runtime.native.System (4.3) - restriction: || (&& (== net461) (< net45) (>= netstandard2.0)) (== netcoreapp2.0)
      Microsoft.NETCore.Platforms (>= 1.1)
      Microsoft.NETCore.Targets (>= 1.1)
    runtime.native.System.Security.Cryptography.Apple (4.3.1) - restriction: || (&& (== net461) (< net45) (>= netstandard2.0)) (== netcoreapp2.0)
      runtime.osx.10.10-x64.runtime.native.System.Security.Cryptography.Apple (>= 4.3.1)
    runtime.native.System.Security.Cryptography.OpenSsl (4.3.2) - restriction: || (&& (== net461) (< net45) (>= netstandard2.0)) (== netcoreapp2.0)
      runtime.debian.8-x64.runtime.native.System.Security.Cryptography.OpenSsl (>= 4.3.2)
      runtime.fedora.23-x64.runtime.native.System.Security.Cryptography.OpenSsl (>= 4.3.2)
      runtime.fedora.24-x64.runtime.native.System.Security.Cryptography.OpenSsl (>= 4.3.2)
      runtime.opensuse.13.2-x64.runtime.native.System.Security.Cryptography.OpenSsl (>= 4.3.2)
      runtime.opensuse.42.1-x64.runtime.native.System.Security.Cryptography.OpenSsl (>= 4.3.2)
      runtime.osx.10.10-x64.runtime.native.System.Security.Cryptography.OpenSsl (>= 4.3.2)
      runtime.rhel.7-x64.runtime.native.System.Security.Cryptography.OpenSsl (>= 4.3.2)
      runtime.ubuntu.14.04-x64.runtime.native.System.Security.Cryptography.OpenSsl (>= 4.3.2)
      runtime.ubuntu.16.04-x64.runtime.native.System.Security.Cryptography.OpenSsl (>= 4.3.2)
      runtime.ubuntu.16.10-x64.runtime.native.System.Security.Cryptography.OpenSsl (>= 4.3.2)
    runtime.opensuse.13.2-x64.runtime.native.System.Security.Cryptography.OpenSsl (4.3.2) - restriction: || (&& (== net461) (< net45) (>= netstandard2.0)) (== netcoreapp2.0)
    runtime.opensuse.42.1-x64.runtime.native.System.Security.Cryptography.OpenSsl (4.3.2) - restriction: || (&& (== net461) (< net45) (>= netstandard2.0)) (== netcoreapp2.0)
    runtime.osx.10.10-x64.runtime.native.System.Security.Cryptography.Apple (4.3.1) - restriction: || (&& (== net461) (< net45) (>= netstandard2.0)) (== netcoreapp2.0)
    runtime.osx.10.10-x64.runtime.native.System.Security.Cryptography.OpenSsl (4.3.2) - restriction: || (&& (== net461) (< net45) (>= netstandard2.0)) (== netcoreapp2.0)
    runtime.rhel.7-x64.runtime.native.System.Security.Cryptography.OpenSsl (4.3.2) - restriction: || (&& (== net461) (< net45) (>= netstandard2.0)) (== netcoreapp2.0)
    runtime.ubuntu.14.04-x64.runtime.native.System.Security.Cryptography.OpenSsl (4.3.2) - restriction: || (&& (== net461) (< net45) (>= netstandard2.0)) (== netcoreapp2.0)
    runtime.ubuntu.16.04-x64.runtime.native.System.Security.Cryptography.OpenSsl (4.3.2) - restriction: || (&& (== net461) (< net45) (>= netstandard2.0)) (== netcoreapp2.0)
    runtime.ubuntu.16.10-x64.runtime.native.System.Security.Cryptography.OpenSsl (4.3.2) - restriction: || (&& (== net461) (< net45) (>= netstandard2.0)) (== netcoreapp2.0)
    System.Collections (4.3)
      Microsoft.NETCore.Platforms (>= 1.1) - restriction: || (&& (== net461) (>= dnxcore50)) (&& (== net461) (< net45)) (== netcoreapp2.0)
      Microsoft.NETCore.Targets (>= 1.1) - restriction: || (&& (== net461) (>= dnxcore50)) (&& (== net461) (< net45)) (== netcoreapp2.0)
      System.Runtime (>= 4.3) - restriction: || (&& (== net461) (>= dnxcore50)) (&& (== net461) (< net45)) (== netcoreapp2.0)
    System.Collections.Concurrent (4.3) - restriction: || (&& (== net461) (>= dnxcore50) (>= netstandard2.0)) (&& (== net461) (< net45) (>= netstandard2.0)) (== netcoreapp2.0)
      System.Collections (>= 4.3) - restriction: || (&& (== net461) (>= dnxcore50)) (&& (== net461) (< net45)) (== netcoreapp2.0)
      System.Diagnostics.Debug (>= 4.3) - restriction: || (&& (== net461) (>= dnxcore50)) (&& (== net461) (< net45)) (== netcoreapp2.0)
      System.Diagnostics.Tracing (>= 4.3) - restriction: || (&& (== net461) (>= dnxcore50)) (&& (== net461) (< net45)) (== netcoreapp2.0)
      System.Globalization (>= 4.3) - restriction: || (&& (== net461) (>= dnxcore50)) (&& (== net461) (< net45)) (== netcoreapp2.0)
      System.Reflection (>= 4.3) - restriction: || (&& (== net461) (< net45)) (== netcoreapp2.0)
      System.Resources.ResourceManager (>= 4.3) - restriction: || (&& (== net461) (>= dnxcore50)) (&& (== net461) (< net45)) (== netcoreapp2.0)
      System.Runtime (>= 4.3) - restriction: || (&& (== net461) (>= dnxcore50)) (&& (== net461) (< net45)) (== netcoreapp2.0)
      System.Runtime.Extensions (>= 4.3) - restriction: || (&& (== net461) (>= dnxcore50)) (&& (== net461) (< net45)) (== netcoreapp2.0)
      System.Threading (>= 4.3) - restriction: || (&& (== net461) (>= dnxcore50)) (&& (== net461) (< net45)) (== netcoreapp2.0)
      System.Threading.Tasks (>= 4.3) - restriction: || (&& (== net461) (>= dnxcore50)) (&& (== net461) (< net45)) (== netcoreapp2.0)
    System.Collections.Immutable (1.4)
      NETStandard.Library (>= 1.6.1) - restriction: || (== net461) (&& (== netcoreapp2.0) (< netstandard2.0))
    System.Diagnostics.Debug (4.3)
      Microsoft.NETCore.Platforms (>= 1.1) - restriction: || (&& (== net461) (>= dnxcore50)) (&& (== net461) (< net45)) (== netcoreapp2.0)
      Microsoft.NETCore.Targets (>= 1.1) - restriction: || (&& (== net461) (>= dnxcore50)) (&& (== net461) (< net45)) (== netcoreapp2.0)
      System.Runtime (>= 4.3) - restriction: || (&& (== net461) (>= dnxcore50)) (&& (== net461) (< net45)) (== netcoreapp2.0)
    System.Diagnostics.Process (4.3) - restriction: || (&& (== net461) (< net45) (>= netstandard2.0)) (== netcoreapp2.0)
      Microsoft.NETCore.Platforms (>= 1.1) - restriction: || (&& (== net461) (< net46)) (== netcoreapp2.0)
      Microsoft.Win32.Primitives (>= 4.3) - restriction: || (&& (== net461) (< net46)) (== netcoreapp2.0)
      Microsoft.Win32.Registry (>= 4.3) - restriction: || (&& (== net461) (< net46)) (== netcoreapp2.0)
      runtime.native.System (>= 4.3) - restriction: || (&& (== net461) (< net46)) (== netcoreapp2.0)
      System.Collections (>= 4.3) - restriction: || (&& (== net461) (< net46)) (== netcoreapp2.0)
      System.Diagnostics.Debug (>= 4.3) - restriction: || (&& (== net461) (< net46)) (== netcoreapp2.0)
      System.Globalization (>= 4.3) - restriction: || (&& (== net461) (< net46)) (== netcoreapp2.0)
      System.IO (>= 4.3) - restriction: || (&& (== net461) (< net46)) (== netcoreapp2.0)
      System.IO.FileSystem (>= 4.3) - restriction: || (&& (== net461) (< net46)) (== netcoreapp2.0)
      System.IO.FileSystem.Primitives (>= 4.3) - restriction: || (&& (== net461) (< net46)) (== netcoreapp2.0)
      System.Resources.ResourceManager (>= 4.3) - restriction: || (&& (== net461) (< net46)) (== netcoreapp2.0)
      System.Runtime (>= 4.3) - restriction: || (&& (== net461) (< net46)) (== netcoreapp2.0)
      System.Runtime.Extensions (>= 4.3) - restriction: || (&& (== net461) (< net46)) (== netcoreapp2.0)
      System.Runtime.Handles (>= 4.3) - restriction: || (&& (== net461) (< net46)) (== netcoreapp2.0)
      System.Runtime.InteropServices (>= 4.3) - restriction: || (&& (== net461) (< net46)) (== netcoreapp2.0)
      System.Text.Encoding (>= 4.3) - restriction: || (&& (== net461) (< net46)) (== netcoreapp2.0)
      System.Text.Encoding.Extensions (>= 4.3) - restriction: || (&& (== net461) (< net46)) (== netcoreapp2.0)
      System.Threading (>= 4.3) - restriction: || (&& (== net461) (< net46)) (== netcoreapp2.0)
      System.Threading.Tasks (>= 4.3) - restriction: || (&& (== net461) (< net46)) (== netcoreapp2.0)
      System.Threading.Thread (>= 4.3) - restriction: || (&& (== net461) (< net46)) (== netcoreapp2.0)
      System.Threading.ThreadPool (>= 4.3) - restriction: || (&& (== net461) (< net46)) (== netcoreapp2.0)
    System.Diagnostics.TraceSource (4.3) - restriction: || (&& (== net461) (< net45) (>= netstandard2.0)) (== netcoreapp2.0)
      Microsoft.NETCore.Platforms (>= 1.1) - restriction: || (&& (== net461) (< net46)) (== netcoreapp2.0)
      runtime.native.System (>= 4.3) - restriction: || (&& (== net461) (< net46)) (== netcoreapp2.0)
      System.Collections (>= 4.3) - restriction: || (&& (== net461) (< net46)) (== netcoreapp2.0)
      System.Diagnostics.Debug (>= 4.3) - restriction: || (&& (== net461) (< net46)) (== netcoreapp2.0)
      System.Globalization (>= 4.3) - restriction: || (&& (== net461) (< net46)) (== netcoreapp2.0)
      System.Resources.ResourceManager (>= 4.3) - restriction: || (&& (== net461) (< net46)) (== netcoreapp2.0)
      System.Runtime (>= 4.3) - restriction: || (&& (== net461) (< net46)) (== netcoreapp2.0)
      System.Runtime.Extensions (>= 4.3) - restriction: || (&& (== net461) (< net46)) (== netcoreapp2.0)
      System.Threading (>= 4.3) - restriction: || (&& (== net461) (< net46)) (== netcoreapp2.0)
    System.Diagnostics.Tracing (4.3) - restriction: || (&& (== net461) (>= dnxcore50) (>= netstandard2.0)) (&& (== net461) (< net45) (>= netstandard2.0)) (== netcoreapp2.0)
      Microsoft.NETCore.Platforms (>= 1.1) - restriction: || (&& (== net461) (>= dnxcore50)) (&& (== net461) (< net45)) (== netcoreapp2.0)
      Microsoft.NETCore.Targets (>= 1.1) - restriction: || (&& (== net461) (>= dnxcore50)) (&& (== net461) (< net45)) (== netcoreapp2.0)
      System.Runtime (>= 4.3) - restriction: || (&& (== net461) (>= dnxcore50)) (&& (== net461) (< net45)) (== netcoreapp2.0)
    System.Globalization (4.3)
      Microsoft.NETCore.Platforms (>= 1.1) - restriction: || (&& (== net461) (>= dnxcore50)) (&& (== net461) (< net45)) (== netcoreapp2.0)
      Microsoft.NETCore.Targets (>= 1.1) - restriction: || (&& (== net461) (>= dnxcore50)) (&& (== net461) (< net45)) (== netcoreapp2.0)
      System.Runtime (>= 4.3) - restriction: || (&& (== net461) (>= dnxcore50)) (&& (== net461) (< net45)) (== netcoreapp2.0)
    System.IO (4.3)
      Microsoft.NETCore.Platforms (>= 1.1) - restriction: || (&& (== net461) (>= dnxcore50)) (&& (== net461) (< net45)) (== netcoreapp2.0)
      Microsoft.NETCore.Targets (>= 1.1) - restriction: || (&& (== net461) (>= dnxcore50)) (&& (== net461) (< net45)) (== netcoreapp2.0)
      System.Runtime (>= 4.3) - restriction: || (&& (== net461) (>= dnxcore50)) (&& (== net461) (< net45)) (== netcoreapp2.0)
      System.Text.Encoding (>= 4.3) - restriction: || (&& (== net461) (>= dnxcore50)) (&& (== net461) (< net45)) (== netcoreapp2.0)
      System.Threading.Tasks (>= 4.3) - restriction: || (&& (== net461) (>= dnxcore50)) (&& (== net461) (< net45)) (== netcoreapp2.0)
    System.IO.FileSystem (4.3) - restriction: || (&& (== net461) (< net45) (>= netstandard2.0)) (== netcoreapp2.0)
      Microsoft.NETCore.Platforms (>= 1.1) - restriction: || (&& (== net461) (< net46)) (== netcoreapp2.0)
      Microsoft.NETCore.Targets (>= 1.1) - restriction: || (&& (== net461) (< net46)) (== netcoreapp2.0)
      System.IO (>= 4.3) - restriction: || (&& (== net461) (< net46)) (== netcoreapp2.0)
      System.IO.FileSystem.Primitives (>= 4.3)
      System.Runtime (>= 4.3) - restriction: || (&& (== net461) (< net46)) (== netcoreapp2.0)
      System.Runtime.Handles (>= 4.3) - restriction: || (&& (== net461) (< net46)) (== netcoreapp2.0)
      System.Text.Encoding (>= 4.3) - restriction: || (&& (== net461) (< net46)) (== netcoreapp2.0)
      System.Threading.Tasks (>= 4.3) - restriction: || (&& (== net461) (< net46)) (== netcoreapp2.0)
    System.IO.FileSystem.Primitives (4.3) - restriction: || (&& (== net461) (< net45) (>= netstandard2.0)) (== netcoreapp2.0)
      System.Runtime (>= 4.3) - restriction: || (&& (== net461) (< net46)) (== netcoreapp2.0)
    System.Linq (4.3)
      System.Collections (>= 4.3) - restriction: || (&& (== net461) (>= dnxcore50)) (&& (== net461) (< net45)) (== netcoreapp2.0)
      System.Diagnostics.Debug (>= 4.3) - restriction: || (&& (== net461) (>= dnxcore50)) (&& (== net461) (< net45) (>= netstandard1.6)) (== netcoreapp2.0)
      System.Resources.ResourceManager (>= 4.3) - restriction: || (&& (== net461) (>= dnxcore50)) (&& (== net461) (< net45) (>= netstandard1.6)) (== netcoreapp2.0)
      System.Runtime (>= 4.3) - restriction: || (&& (== net461) (>= dnxcore50)) (&& (== net461) (< net45)) (== netcoreapp2.0)
      System.Runtime.Extensions (>= 4.3) - restriction: || (&& (== net461) (>= dnxcore50)) (&& (== net461) (< net45) (>= netstandard1.6)) (== netcoreapp2.0)
    System.Reflection (4.3)
      Microsoft.NETCore.Platforms (>= 1.1) - restriction: || (&& (== net461) (>= dnxcore50)) (&& (== net461) (< net45)) (== netcoreapp2.0)
      Microsoft.NETCore.Targets (>= 1.1) - restriction: || (&& (== net461) (>= dnxcore50)) (&& (== net461) (< net45)) (== netcoreapp2.0)
      System.IO (>= 4.3) - restriction: || (&& (== net461) (>= dnxcore50)) (&& (== net461) (< net45)) (== netcoreapp2.0)
      System.Reflection.Primitives (>= 4.3) - restriction: || (&& (== net461) (>= dnxcore50)) (&& (== net461) (< net45)) (== netcoreapp2.0)
      System.Runtime (>= 4.3) - restriction: || (&& (== net461) (>= dnxcore50)) (&& (== net461) (< net45)) (== netcoreapp2.0)
    System.Reflection.Emit (4.3) - restriction: || (&& (== net461) (< net45) (>= netstandard2.0)) (== netcoreapp2.0)
      System.IO (>= 4.3) - restriction: || (&& (== net461) (< net45)) (== netcoreapp2.0)
      System.Reflection (>= 4.3) - restriction: || (&& (== net461) (< net45)) (== netcoreapp2.0)
      System.Reflection.Emit.ILGeneration (>= 4.3) - restriction: || (&& (== net461) (< net45)) (== netcoreapp2.0)
      System.Reflection.Primitives (>= 4.3) - restriction: || (&& (== net461) (< net45)) (== netcoreapp2.0)
      System.Runtime (>= 4.3) - restriction: || (&& (== net461) (< net45)) (== netcoreapp2.0)
    System.Reflection.Emit.ILGeneration (4.3) - restriction: || (&& (== net461) (< net45) (>= netstandard2.0)) (== netcoreapp2.0)
      System.Reflection (>= 4.3) - restriction: || (&& (== net461) (< net45)) (== netcoreapp2.0)
      System.Reflection.Primitives (>= 4.3) - restriction: || (&& (== net461) (< net45)) (== netcoreapp2.0)
      System.Runtime (>= 4.3) - restriction: || (&& (== net461) (< net45)) (== netcoreapp2.0)
    System.Reflection.Metadata (1.5)
      NETStandard.Library (>= 1.6.1) - restriction: || (== net461) (&& (== netcoreapp2.0) (< netstandard2.0))
      System.Collections.Immutable (>= 1.4) - restriction: || (== net461) (&& (== netcoreapp2.0) (>= monoandroid)) (&& (== netcoreapp2.0) (>= monotouch)) (&& (== netcoreapp2.0) (< netstandard1.1)) (&& (== netcoreapp2.0) (< netstandard2.0)) (&& (== netcoreapp2.0) (< portable-net45+win8)) (&& (== netcoreapp2.0) (>= xamarinios)) (&& (== netcoreapp2.0) (>= xamarinmac)) (&& (== netcoreapp2.0) (>= xamarintvos)) (&& (== netcoreapp2.0) (>= xamarinwatchos))
    System.Reflection.Primitives (4.3)
      Microsoft.NETCore.Platforms (>= 1.1) - restriction: || (&& (== net461) (>= dnxcore50)) (&& (== net461) (< net45)) (== netcoreapp2.0)
      Microsoft.NETCore.Targets (>= 1.1) - restriction: || (&& (== net461) (>= dnxcore50)) (&& (== net461) (< net45)) (== netcoreapp2.0)
      System.Runtime (>= 4.3) - restriction: || (&& (== net461) (>= dnxcore50)) (&& (== net461) (< net45)) (== netcoreapp2.0)
    System.Reflection.TypeExtensions (4.4) - restriction: || (&& (== net461) (< net45) (>= netstandard2.0)) (== netcoreapp2.0)
    System.Resources.ResourceManager (4.3) - restriction: || (&& (== net461) (>= dnxcore50) (>= netstandard2.0)) (&& (== net461) (< net45) (>= netstandard2.0)) (== netcoreapp2.0)
      Microsoft.NETCore.Platforms (>= 1.1) - restriction: || (&& (== net461) (>= dnxcore50)) (&& (== net461) (< net45)) (== netcoreapp2.0)
      Microsoft.NETCore.Targets (>= 1.1) - restriction: || (&& (== net461) (>= dnxcore50)) (&& (== net461) (< net45)) (== netcoreapp2.0)
      System.Globalization (>= 4.3) - restriction: || (&& (== net461) (>= dnxcore50)) (&& (== net461) (< net45)) (== netcoreapp2.0)
      System.Reflection (>= 4.3) - restriction: || (&& (== net461) (>= dnxcore50)) (&& (== net461) (< net45)) (== netcoreapp2.0)
      System.Runtime (>= 4.3) - restriction: || (&& (== net461) (>= dnxcore50)) (&& (== net461) (< net45)) (== netcoreapp2.0)
    System.Runtime (4.3)
      Microsoft.NETCore.Platforms (>= 1.1) - restriction: || (&& (== net461) (>= dnxcore50)) (&& (== net461) (< net45)) (== netcoreapp2.0)
      Microsoft.NETCore.Targets (>= 1.1) - restriction: || (&& (== net461) (>= dnxcore50)) (&& (== net461) (< net45)) (== netcoreapp2.0)
    System.Runtime.Extensions (4.3)
      Microsoft.NETCore.Platforms (>= 1.1) - restriction: || (&& (== net461) (>= dnxcore50)) (&& (== net461) (< net45)) (== netcoreapp2.0)
      Microsoft.NETCore.Targets (>= 1.1) - restriction: || (&& (== net461) (>= dnxcore50)) (&& (== net461) (< net45)) (== netcoreapp2.0)
      System.Runtime (>= 4.3) - restriction: || (&& (== net461) (>= dnxcore50)) (&& (== net461) (< net45)) (== netcoreapp2.0)
    System.Runtime.Handles (4.3) - restriction: || (&& (== net461) (>= dnxcore50) (>= netstandard2.0)) (&& (== net461) (< net45) (>= netstandard2.0)) (== netcoreapp2.0)
      Microsoft.NETCore.Platforms (>= 1.1) - restriction: || (&& (== net461) (< net46)) (== netcoreapp2.0)
      Microsoft.NETCore.Targets (>= 1.1) - restriction: || (&& (== net461) (< net46)) (== netcoreapp2.0)
      System.Runtime (>= 4.3) - restriction: || (&& (== net461) (< net46)) (== netcoreapp2.0)
    System.Runtime.InteropServices (4.3)
      Microsoft.NETCore.Platforms (>= 1.1) - restriction: || (&& (== net461) (>= dnxcore50)) (&& (== net461) (< net45)) (&& (== net461) (>= netcoreapp1.1)) (== netcoreapp2.0)
      Microsoft.NETCore.Targets (>= 1.1) - restriction: || (&& (== net461) (>= dnxcore50)) (&& (== net461) (< net45)) (&& (== net461) (>= netcoreapp1.1)) (== netcoreapp2.0)
      System.Reflection (>= 4.3) - restriction: || (&& (== net461) (>= dnxcore50)) (&& (== net461) (< net45)) (&& (== net461) (>= netcoreapp1.1)) (== netcoreapp2.0)
      System.Reflection.Primitives (>= 4.3) - restriction: || (&& (== net461) (>= dnxcore50)) (&& (== net461) (< net45)) (&& (== net461) (>= netcoreapp1.1)) (== netcoreapp2.0)
      System.Runtime (>= 4.3) - restriction: || (&& (== net461) (>= dnxcore50)) (&& (== net461) (< net45)) (&& (== net461) (>= net462)) (&& (== net461) (>= netcoreapp1.1)) (== netcoreapp2.0)
      System.Runtime.Handles (>= 4.3) - restriction: || (&& (== net461) (>= dnxcore50)) (&& (== net461) (< net45)) (&& (== net461) (>= netcoreapp1.1)) (== netcoreapp2.0)
    System.Runtime.Loader (4.3) - restriction: || (&& (== net461) (< net45) (>= netstandard2.0)) (== netcoreapp2.0)
      System.IO (>= 4.3) - restriction: || (&& (== net461) (>= netstandard1.5)) (== netcoreapp2.0)
      System.Reflection (>= 4.3) - restriction: || (&& (== net461) (>= netstandard1.5)) (== netcoreapp2.0)
      System.Runtime (>= 4.3) - restriction: || (&& (== net461) (>= netstandard1.5)) (== netcoreapp2.0)
    System.Runtime.Numerics (4.3) - restriction: || (&& (== net461) (< net45) (>= netstandard2.0)) (== netcoreapp2.0)
      System.Globalization (>= 4.3) - restriction: || (&& (== net461) (>= dnxcore50)) (&& (== net461) (< net45)) (== netcoreapp2.0)
      System.Resources.ResourceManager (>= 4.3) - restriction: || (&& (== net461) (>= dnxcore50)) (&& (== net461) (< net45)) (== netcoreapp2.0)
      System.Runtime (>= 4.3) - restriction: || (&& (== net461) (>= dnxcore50)) (&& (== net461) (< net45)) (== netcoreapp2.0)
      System.Runtime.Extensions (>= 4.3) - restriction: || (&& (== net461) (>= dnxcore50)) (&& (== net461) (< net45)) (== netcoreapp2.0)
    System.Security.AccessControl (4.4.1) - restriction: || (&& (== net461) (>= monoandroid) (>= netstandard2.0)) (&& (== net461) (>= monotouch) (>= netstandard2.0)) (&& (== net461) (< net45) (>= netstandard2.0)) (&& (== net461) (>= netcoreapp2.0)) (&& (== net461) (>= netstandard2.0) (>= xamarinios)) (&& (== net461) (>= netstandard2.0) (>= xamarinmac)) (&& (== net461) (>= netstandard2.0) (>= xamarintvos)) (&& (== net461) (>= netstandard2.0) (>= xamarinwatchos)) (== netcoreapp2.0)
      Microsoft.NETCore.Platforms (>= 2.0) - restriction: || (&& (== net461) (>= netcoreapp2.0)) (== netcoreapp2.0)
      System.Security.Principal.Windows (>= 4.4)
    System.Security.Cryptography.Algorithms (4.3.1) - restriction: || (&& (== net461) (< net45) (>= netstandard2.0)) (== netcoreapp2.0)
      Microsoft.NETCore.Platforms (>= 1.1) - restriction: || (&& (== net461) (>= dnxcore50)) (&& (== net461) (< net46) (>= netstandard1.6)) (== netcoreapp2.0)
      runtime.native.System.Security.Cryptography.Apple (>= 4.3.1) - restriction: || (&& (== net461) (< net46) (>= netstandard1.6)) (== netcoreapp2.0)
      runtime.native.System.Security.Cryptography.OpenSsl (>= 4.3.2) - restriction: || (&& (== net461) (< net46) (>= netstandard1.6)) (== netcoreapp2.0)
      System.Collections (>= 4.3) - restriction: || (&& (== net461) (< net46) (>= netstandard1.6)) (== netcoreapp2.0)
      System.IO (>= 4.3) - restriction: || (&& (== net461) (>= dnxcore50)) (&& (== net461) (< net46)) (&& (== net461) (>= net463)) (== netcoreapp2.0)
      System.Resources.ResourceManager (>= 4.3) - restriction: || (&& (== net461) (>= dnxcore50)) (&& (== net461) (< net46) (>= netstandard1.6)) (== netcoreapp2.0)
      System.Runtime (>= 4.3) - restriction: || (&& (== net461) (>= dnxcore50)) (&& (== net461) (< net46)) (&& (== net461) (>= net463)) (== netcoreapp2.0)
      System.Runtime.Extensions (>= 4.3) - restriction: || (&& (== net461) (>= dnxcore50)) (&& (== net461) (< net46) (>= netstandard1.6)) (== netcoreapp2.0)
      System.Runtime.Handles (>= 4.3) - restriction: || (&& (== net461) (>= dnxcore50)) (&& (== net461) (< net46) (>= netstandard1.6)) (== netcoreapp2.0)
      System.Runtime.InteropServices (>= 4.3) - restriction: || (&& (== net461) (>= dnxcore50)) (&& (== net461) (< net46) (>= netstandard1.6)) (== netcoreapp2.0)
      System.Runtime.Numerics (>= 4.3) - restriction: || (&& (== net461) (< net46) (>= netstandard1.6)) (== netcoreapp2.0)
      System.Security.Cryptography.Encoding (>= 4.3) - restriction: || (&& (== net461) (>= dnxcore50)) (&& (== net461) (< net46) (>= netstandard1.6)) (&& (== net461) (>= net463)) (== netcoreapp2.0)
      System.Security.Cryptography.Primitives (>= 4.3)
      System.Text.Encoding (>= 4.3) - restriction: || (&& (== net461) (>= dnxcore50)) (&& (== net461) (< net46) (>= netstandard1.6)) (== netcoreapp2.0)
    System.Security.Cryptography.Encoding (4.3) - restriction: || (&& (== net461) (>= dnxcore50) (>= netstandard2.0)) (&& (== net461) (< net45) (>= netstandard2.0)) (== netcoreapp2.0)
      Microsoft.NETCore.Platforms (>= 1.1) - restriction: || (&& (== net461) (< net46)) (== netcoreapp2.0)
      runtime.native.System.Security.Cryptography.OpenSsl (>= 4.3) - restriction: || (&& (== net461) (< net46)) (== netcoreapp2.0)
      System.Collections (>= 4.3) - restriction: || (&& (== net461) (< net46)) (== netcoreapp2.0)
      System.Collections.Concurrent (>= 4.3) - restriction: || (&& (== net461) (< net46)) (== netcoreapp2.0)
      System.Linq (>= 4.3) - restriction: || (&& (== net461) (< net46)) (== netcoreapp2.0)
      System.Resources.ResourceManager (>= 4.3) - restriction: || (&& (== net461) (< net46)) (== netcoreapp2.0)
      System.Runtime (>= 4.3) - restriction: || (&& (== net461) (< net46)) (== netcoreapp2.0)
      System.Runtime.Extensions (>= 4.3) - restriction: || (&& (== net461) (< net46)) (== netcoreapp2.0)
      System.Runtime.Handles (>= 4.3) - restriction: || (&& (== net461) (< net46)) (== netcoreapp2.0)
      System.Runtime.InteropServices (>= 4.3) - restriction: || (&& (== net461) (< net46)) (== netcoreapp2.0)
      System.Security.Cryptography.Primitives (>= 4.3) - restriction: || (&& (== net461) (< net46)) (== netcoreapp2.0)
      System.Text.Encoding (>= 4.3) - restriction: || (&& (== net461) (< net46)) (== netcoreapp2.0)
    System.Security.Cryptography.Primitives (4.3) - restriction: || (&& (== net461) (>= dnxcore50) (>= netstandard2.0)) (&& (== net461) (< net45) (>= netstandard2.0)) (== netcoreapp2.0)
      System.Diagnostics.Debug (>= 4.3) - restriction: || (&& (== net461) (< net46)) (== netcoreapp2.0)
      System.Globalization (>= 4.3) - restriction: || (&& (== net461) (< net46)) (== netcoreapp2.0)
      System.IO (>= 4.3) - restriction: || (&& (== net461) (< net46)) (== netcoreapp2.0)
      System.Resources.ResourceManager (>= 4.3) - restriction: || (&& (== net461) (< net46)) (== netcoreapp2.0)
      System.Runtime (>= 4.3) - restriction: || (&& (== net461) (< net46)) (== netcoreapp2.0)
      System.Threading (>= 4.3) - restriction: || (&& (== net461) (< net46)) (== netcoreapp2.0)
      System.Threading.Tasks (>= 4.3) - restriction: || (&& (== net461) (< net46)) (== netcoreapp2.0)
    System.Security.Principal.Windows (4.4.1) - restriction: || (&& (== net461) (>= monoandroid) (>= netstandard2.0)) (&& (== net461) (>= monotouch) (>= netstandard2.0)) (&& (== net461) (< net45) (>= netstandard2.0)) (&& (== net461) (>= netcoreapp2.0)) (&& (== net461) (>= netstandard2.0) (>= xamarinios)) (&& (== net461) (>= netstandard2.0) (>= xamarinmac)) (&& (== net461) (>= netstandard2.0) (>= xamarintvos)) (&& (== net461) (>= netstandard2.0) (>= xamarinwatchos)) (== netcoreapp2.0)
      Microsoft.NETCore.Platforms (>= 2.0) - restriction: || (&& (== net461) (>= netcoreapp2.0)) (== netcoreapp2.0)
    System.Text.Encoding (4.3)
      Microsoft.NETCore.Platforms (>= 1.1) - restriction: || (&& (== net461) (>= dnxcore50)) (&& (== net461) (< net45)) (== netcoreapp2.0)
      Microsoft.NETCore.Targets (>= 1.1) - restriction: || (&& (== net461) (>= dnxcore50)) (&& (== net461) (< net45)) (== netcoreapp2.0)
      System.Runtime (>= 4.3) - restriction: || (&& (== net461) (>= dnxcore50)) (&& (== net461) (< net45)) (== netcoreapp2.0)
    System.Text.Encoding.Extensions (4.3) - restriction: || (&& (== net461) (< net45) (>= netstandard2.0)) (== netcoreapp2.0)
      Microsoft.NETCore.Platforms (>= 1.1) - restriction: || (&& (== net461) (>= dnxcore50)) (&& (== net461) (< net45)) (== netcoreapp2.0)
      Microsoft.NETCore.Targets (>= 1.1) - restriction: || (&& (== net461) (>= dnxcore50)) (&& (== net461) (< net45)) (== netcoreapp2.0)
      System.Runtime (>= 4.3) - restriction: || (&& (== net461) (>= dnxcore50)) (&& (== net461) (< net45)) (== netcoreapp2.0)
      System.Text.Encoding (>= 4.3) - restriction: || (&& (== net461) (>= dnxcore50)) (&& (== net461) (< net45)) (== netcoreapp2.0)
    System.Threading (4.3)
      System.Runtime (>= 4.3) - restriction: || (&& (== net461) (>= dnxcore50)) (&& (== net461) (< net45)) (== netcoreapp2.0)
      System.Threading.Tasks (>= 4.3) - restriction: || (&& (== net461) (>= dnxcore50)) (&& (== net461) (< net45)) (== netcoreapp2.0)
    System.Threading.Tasks (4.3) - restriction: || (&& (== net461) (< net45) (>= netstandard2.0)) (== netcoreapp2.0)
      Microsoft.NETCore.Platforms (>= 1.1) - restriction: || (&& (== net461) (>= dnxcore50)) (&& (== net461) (< net45)) (== netcoreapp2.0)
      Microsoft.NETCore.Targets (>= 1.1) - restriction: || (&& (== net461) (>= dnxcore50)) (&& (== net461) (< net45)) (== netcoreapp2.0)
      System.Runtime (>= 4.3) - restriction: || (&& (== net461) (>= dnxcore50)) (&& (== net461) (< net45)) (== netcoreapp2.0)
    System.Threading.Thread (4.3) - restriction: || (&& (== net461) (< net45) (>= netstandard2.0)) (== netcoreapp2.0)
      System.Runtime (>= 4.3) - restriction: || (&& (== net461) (< net46)) (== netcoreapp2.0)
    System.Threading.ThreadPool (4.3) - restriction: || (&& (== net461) (< net45) (>= netstandard2.0)) (== netcoreapp2.0)
      System.Runtime (>= 4.3) - restriction: || (&& (== net461) (< net46)) (== netcoreapp2.0)
      System.Runtime.Handles (>= 4.3) - restriction: || (&& (== net461) (< net46)) (== netcoreapp2.0)
    System.ValueTuple (4.4)
  remote: https://ci.appveyor.com/nuget/fsharp-formatting
    FSharp.Formatting (3.0.0-beta10)
      FSharp.Compiler.Service (>= 22.0.3 < 23.0)
      Microsoft.AspNet.Razor (>= 3.2.4 < 4.0)
      System.ValueTuple (>= 4.4 < 5.0)
