NUGET
  remote: http://nuget.org/api/v2
  specs:
    FAKE (3.7.8)
    FsCheck (0.9.2.0)
    FSharp.Charting (0.90.7)
    FSharp.Compiler.Service (0.0.67)
    FSharp.Formatting (2.4.36)
      FSharp.Compiler.Service (0.0.67)
      Microsoft.AspNet.Razor (2.0.30506.0)
      RazorEngine (3.3.0)
    Microsoft.AspNet.Razor (2.0.30506.0)
    Nancy (0.23.2)
    Nancy.Hosting.Self (0.23.2)
      Nancy (>= 0.23.2)
    NuGet.CommandLine (2.8.3)
    NUnit (2.6.3)
    NUnit.Runners (2.6.3)
    RazorEngine (3.3.0)
      Microsoft.AspNet.Razor (>= 2.0.30506.0)
    SourceLink.Fake (0.4.0)
    Zlib.Portable (1.10.0)
