NUGET
  remote: http://www.nuget.org/api/v2
  specs:
    FAKE (4.22.0)
    FsCheck (2.2.4)
      FSharp.Core (>= 3.1.2.5)
    FSharp.Charting (0.90.13)
    FSharp.Compiler.Service (2.0.0.6)
    FSharp.Core (4.0.0.1)
    FSharp.Formatting (2.14.0)
      FSharp.Compiler.Service (>= 2.0.0.3 < 2.1.0)
      FSharpVSPowerTools.Core (>= 2.3.0 < 2.4.0)
    FSharpVSPowerTools.Core (2.3.0)
      FSharp.Compiler.Service (>= 2.0.0.3)
    Microsoft.Bcl (1.1.10) - framework: net10, net11, net20, net30, net35, net40, net40
      Microsoft.Bcl.Build (>= 1.0.14)
    Microsoft.Bcl.Build (1.0.21) - import_targets: false, framework: net10, net11, net20, net30, net35, net40, net40
    Microsoft.Net.Http (2.2.29) - framework: net10, net11, net20, net30, net35, net40, net40
      Microsoft.Bcl (>= 1.1.10)
      Microsoft.Bcl.Build (>= 1.0.14)
    Nancy (1.4.3)
    Nancy.Hosting.Self (1.4.1)
      Nancy (>= 1.4.1)
    NuGet.CommandLine (3.3.0)
    NUnit (2.6.4)
    NUnit.Runners (2.6.4)
    Octokit (0.19.0)
      Microsoft.Net.Http  - framework: net10, net11, net20, net30, net35, net40, net40
    SourceLink.Fake (1.1.0)
    Zlib.Portable (1.11.0)
GITHUB
  remote: fsharp/FAKE
  specs:
    modules/Octokit/Octokit.fsx (5bcf8d23e8f29314b31b728b6549e02dbec999b2)
      Octokit
  remote: fsprojects/FSharp.TypeProviders.StarterPack
  specs:
    src/AssemblyReader.fs (77fda2a5ce7efbcc84011210553924af5ff961b3)
    src/AssemblyReaderReflection.fs (77fda2a5ce7efbcc84011210553924af5ff961b3)
    src/ProvidedTypes.fs (77fda2a5ce7efbcc84011210553924af5ff961b3)
    src/ProvidedTypes.fsi (77fda2a5ce7efbcc84011210553924af5ff961b3)
    src/ProvidedTypesContext.fs (77fda2a5ce7efbcc84011210553924af5ff961b3)